GEM
  remote: https://rubygems.org/
  specs:
    coffee-script (2.2.0)
      coffee-script-source
      execjs
    coffee-script-source (1.2.0)
    execjs (1.3.0)
      multi_json (~> 1.0)
    ffi (1.0.11)
    guard (1.0.1)
      ffi (>= 0.5.0)
      thor (~> 0.14.6)
    guard-coffeescript (0.5.7)
      coffee-script (>= 2.2.0)
      guard (>= 0.8.3)
    libnotify (0.7.2)
    multi_json (1.2.0)
    thor (0.14.6)

PLATFORMS
  ruby

DEPENDENCIES
  guard
  guard-coffeescript
  libnotify
